PATH
  remote: .
  specs:
    sentiment_analysis (0.0.1)
      httparty

GEM
  remote: http://rubygems.org/
  specs:
    crack (0.1.8)
    fakeweb (1.3.0)
    httparty (0.7.8)
      crack (= 0.1.8)
    rake (0.9.2)
    rdoc (3.9.4)
    rspec (1.3.2)
    vcr (1.11.3)

PLATFORMS
  ruby

DEPENDENCIES
  fakeweb
  rake
  rdoc
  rspec (= 1.3.2)
  sentiment_analysis!
  vcr
